PATH
  remote: .
  specs:
    meta_table (0.0.1.alpha)

GEM
  remote: https://rubygems.org/
  specs:

PLATFORMS
  ruby

DEPENDENCIES
  meta_table!
