PATH
  remote: .
  specs:
    meta_table (0.0.2.alpha)
      kaminari (~> 0.16.1)
      will_paginate (~> 3.0.7)

GEM
  remote: https://rubygems.org/
  specs:
    actionpack (4.1.6)
      actionview (= 4.1.6)
      activesupport (= 4.1.6)
      rack (~> 1.5.2)
      rack-test (~> 0.6.2)
    actionview (4.1.6)
      activesupport (= 4.1.6)
      builder (~> 3.1)
      erubis (~> 2.7.0)
    activesupport (4.1.6)
      i18n (~> 0.6, >= 0.6.9)
      json (~> 1.7, >= 1.7.7)
      minitest (~> 5.1)
      thread_safe (~> 0.1)
      tzinfo (~> 1.1)
    builder (3.2.2)
    erubis (2.7.0)
    i18n (0.7.0)
    json (1.8.2)
    kaminari (0.16.1)
      actionpack (>= 3.0.0)
      activesupport (>= 3.0.0)
    minitest (5.5.1)
    rack (1.5.2)
    rack-test (0.6.3)
      rack (>= 1.0)
    thread_safe (0.3.4)
    tzinfo (1.2.2)
      thread_safe (~> 0.1)
    will_paginate (3.0.7)

PLATFORMS
  ruby

DEPENDENCIES
  meta_table!
